GEM
  remote: https://rubygems.org/
  specs:
    ansi (1.5.0)
    bio (2.0.3)
    builder (3.2.4)
    minitest (5.15.0)
    minitest-reporters (1.4.3)
      ansi
      builder
      minitest (>= 5.0)
      ruby-progressbar
    numpy (0.4.0)
      pycall (>= 1.2.0.beta1)
    pandas (0.3.8)
      numpy
      pycall (>= 1.0.0)
    pycall (1.4.1)
    ruby-progressbar (1.11.0)

PLATFORMS
  x64-mingw32

DEPENDENCIES
  bio
  minitest-reporters
  pandas

BUNDLED WITH
   2.2.32
