GEM
  remote: https://rubygems.org/
  specs:
    numpy (0.4.0)
      pycall (>= 1.2.0.beta1)
    pandas (0.3.8)
      numpy
      pycall (>= 1.0.0)
    pycall (1.4.1)

PLATFORMS
  x64-mingw32

DEPENDENCIES
  pandas

BUNDLED WITH
   2.2.32
